GEM
  remote: https://rubygems.org/
  specs:
    asciidoctor (1.5.6.1)

PLATFORMS
  ruby

DEPENDENCIES
  asciidoctor

BUNDLED WITH
   1.17.2
